{
	"ConversionSoftware": "dicm2nii.m 20180808",
	"SeriesNumber": 5,
	"SeriesDescription": "gre_field_mapping_1acq_rl",
	"ImageType": ["ORIGINAL", "PRIMARY", "P", "ND"],
	"Modality": "MR",
	"AcquisitionDateTime": "20180925102703.485000",
	"TotalReadoutTime": 126.51188,
	"RepetitionTime": 1.02,
	"PhaseEncodingDirection": "i",
	"EffectiveEchoSpacing": 2.008125,
	"EchoTime1": 0.01,
	"deltaTE": 2.46,
	"EchoTime2": 0.01246,
	"PatientName": "MP02377",
	"PatientPosition": "HFS",
	"SliceThickness": 2,
	"FlipAngle": 90,
	"Manufacturer": "SIEMENS",
	"SoftwareVersion": "syngo MR E11",
	"MRAcquisitionType": "2D",
	"InstitutionName": "FIL",
	"InstitutionAddress": "Queen Square 12,London,Southeast,GB,WC1N 3BG",
	"DeviceSerialNumber": "167032",
	"ScanningSequence": "GR",
	"SequenceVariant": "SP",
	"SequenceName": "*fm2d2r"
}
