{
	"ConversionSoftware": "dicm2nii.m 20180808",
	"SeriesNumber": 3,
	"SeriesDescription": "MPRAGE_64ch_Head",
	"ImageType": ["ORIGINAL", "PRIMARY", "M", "ND"],
	"Modality": "MR",
	"AcquisitionDateTime": "20180914115012.147500",
	"RepetitionTime": 2.53,
	"PhaseEncodingDirection": "j-",
	"EchoTime": 0.00334,
	"InversionTime": 1.1,
	"PatientName": "MP02354",
	"PatientPosition": "HFS",
	"SliceThickness": 1,
	"FlipAngle": 7,
	"Manufacturer": "SIEMENS",
	"SoftwareVersion": "syngo MR E11",
	"MRAcquisitionType": "3D",
	"InstitutionName": "Functional Imaging Laboratory",
	"InstitutionAddress": "Queen Square 12,London,Southeast,GB,WC1N 3BG",
	"DeviceSerialNumber": "167032",
	"ScanningSequence": "GR\\IR",
	"SequenceVariant": "SK\\SP\\MP",
	"ScanOptions": "IR",
	"SequenceName": "*tfl3d1_16ns"
}
